GEM
  remote: https://rubygems.org/
  specs:
    byebug (9.0.6)
    thor (0.19.1)

PLATFORMS
  ruby

DEPENDENCIES
  byebug
  thor (~> 0.19.1)

BUNDLED WITH
   1.13.6
